PATH
  remote: .
  specs:
    ruby-brs (1.0.2)

GEM
  remote: https://rubygems.org/
  specs:
    ast (2.4.0)
    jaro_winkler (1.5.3)
    minitar (0.9)
    minitest (5.12.2)
    ocg (1.1.0)
    parallel (1.18.0)
    parser (2.6.5.0)
      ast (~> 2.4.0)
    rack (2.0.7)
    rainbow (3.0.0)
    rake (13.0.0)
    rake-compiler (1.0.8)
      rake
    rubocop (0.75.1)
      jaro_winkler (~> 1.5.1)
      parallel (~> 1.10)
      parser (>= 2.6)
      rainbow (>= 2.2.2, < 4.0)
      ruby-progressbar (~> 1.7)
      unicode-display_width (>= 1.4.0, < 1.7)
    rubocop-performance (1.5.0)
      rubocop (>= 0.71.0)
    rubocop-rails (2.3.2)
      rack (>= 1.1)
      rubocop (>= 0.72.0)
    ruby-progressbar (1.10.1)
    unicode-display_width (1.6.0)

PLATFORMS
  ruby

DEPENDENCIES
  minitar (~> 0.9)
  minitest (~> 5.12)
  ocg (~> 1.1)
  rake
  rake-compiler (~> 1.0)
  rubocop (~> 0.75)
  rubocop-performance (~> 1.5)
  rubocop-rails (~> 2.3)
  ruby-brs!

BUNDLED WITH
   2.0.2
