PATH
  remote: .
  specs:
    ruby-brs (1.0.0)

GEM
  remote: https://rubygems.org/
  specs:
    ast (2.4.0)
    jaro_winkler (1.5.3)
    minitar (0.8)
    minitest (5.11.3)
    parallel (1.17.0)
    parser (2.6.3.0)
      ast (~> 2.4.0)
    rack (2.0.7)
    rainbow (3.0.0)
    rake (12.3.3)
    rake-compiler (1.0.7)
      rake
    rubocop (0.74.0)
      jaro_winkler (~> 1.5.1)
      parallel (~> 1.10)
      parser (>= 2.6)
      rainbow (>= 2.2.2, < 4.0)
      ruby-progressbar (~> 1.7)
      unicode-display_width (>= 1.4.0, < 1.7)
    rubocop-performance (1.4.1)
      rubocop (>= 0.71.0)
    rubocop-rails (2.3.0)
      rack (>= 1.1)
      rubocop (>= 0.72.0)
    ruby-progressbar (1.10.1)
    unicode-display_width (1.6.0)

PLATFORMS
  ruby

DEPENDENCIES
  minitar (~> 0.8)
  minitest (~> 5.11)
  rake-compiler (~> 1.0)
  rubocop (~> 0.74)
  rubocop-performance (~> 1.4)
  rubocop-rails (~> 2.2)
  ruby-brs!

BUNDLED WITH
   2.0.2
